GEM
  remote: https://rubygems.org/
  specs:
    activesupport (4.2.4)
      i18n (~> 0.7)
      json (~> 1.7, >= 1.7.7)
      minitest (~> 5.1)
      thread_safe (~> 0.3, >= 0.3.4)
      tzinfo (~> 1.1)
    autoprefixer-rails (6.1.2)
      execjs
      json
    concurrent-ruby (1.0.0)
    execjs (2.6.0)
    i18n (0.7.0)
    json (1.8.3)
    minitest (5.8.1)
    rack (1.6.4)
    sass (3.4.19)
    sprockets (3.5.2)
      concurrent-ruby (~> 1.0)
      rack (> 1, < 3)
    thread_safe (0.3.5)
    tzinfo (1.2.2)
      thread_safe (~> 0.1)

PLATFORMS
  ruby

DEPENDENCIES
  activesupport
  autoprefixer-rails
  rack
  sass
  sprockets

BUNDLED WITH
   1.10.6
